PATH
  remote: .
  specs:
    ucb_rails_ci (1.0.1)
      builder
      bundler
      github_api
      rake
      travis
      warbler

GEM
  remote: https://rubygems.org/
  specs:
    activesupport (5.2.6)
      concurrent-ruby (~> 1.0, >= 1.0.2)
      i18n (>= 0.7, < 2)
      minitest (~> 5.1)
      tzinfo (~> 1.1)
    addressable (2.8.0)
      public_suffix (>= 2.0.2, < 5.0)
    builder (3.2.4)
    concurrent-ruby (1.1.9)
    descendants_tracker (0.0.4)
      thread_safe (~> 0.3, >= 0.3.1)
    faraday (1.5.1)
      faraday-em_http (~> 1.0)
      faraday-em_synchrony (~> 1.0)
      faraday-excon (~> 1.1)
      faraday-httpclient (~> 1.0.1)
      faraday-net_http (~> 1.0)
      faraday-net_http_persistent (~> 1.1)
      faraday-patron (~> 1.0)
      multipart-post (>= 1.2, < 3)
      ruby2_keywords (>= 0.0.4)
    faraday-em_http (1.0.0)
    faraday-em_synchrony (1.0.0)
    faraday-excon (1.1.0)
    faraday-httpclient (1.0.1)
    faraday-net_http (1.0.1)
    faraday-net_http_persistent (1.2.0)
    faraday-patron (1.0.0)
    faraday_middleware (1.0.0)
      faraday (~> 1.0)
    gh (0.18.0)
      activesupport (~> 5.0)
      addressable (~> 2.4)
      faraday (~> 1.0)
      faraday_middleware (~> 1.0)
      multi_json (~> 1.0)
      net-http-persistent (~> 2.9)
      net-http-pipeline
    github_api (0.19.0)
      addressable (~> 2.4)
      descendants_tracker (~> 0.0.4)
      faraday (>= 0.8, < 2)
      hashie (~> 3.5, >= 3.5.2)
      oauth2 (~> 1.0)
    hashie (3.6.0)
    highline (2.0.3)
    i18n (1.8.10)
      concurrent-ruby (~> 1.0)
    jruby-jars (9.2.19.0)
    jruby-rack (1.1.21)
    json (2.5.1)
    json_pure (2.5.1)
    jwt (2.2.3)
    launchy (2.4.3)
      addressable (~> 2.3)
    minitest (5.14.4)
    multi_json (1.15.0)
    multi_xml (0.6.0)
    multipart-post (2.1.1)
    net-http-persistent (2.9.4)
    net-http-pipeline (1.0.1)
    oauth2 (1.4.7)
      faraday (>= 0.8, < 2.0)
      jwt (>= 1.0, < 3.0)
      multi_json (~> 1.3)
      multi_xml (~> 0.5)
      rack (>= 1.2, < 3)
    public_suffix (4.0.6)
    pusher-client (0.6.2)
      json
      websocket (~> 1.0)
    rack (2.2.3)
    rake (13.0.6)
    ruby2_keywords (0.0.4)
    rubyzip (1.3.0)
    thread_safe (0.3.6)
    travis (1.10.0)
      faraday (~> 1.0)
      faraday_middleware (~> 1.0)
      gh (~> 0.13)
      highline (~> 2.0)
      json_pure (~> 2.3)
      launchy (~> 2.1, < 2.5.0)
      pusher-client (~> 0.4)
    tzinfo (1.2.9)
      thread_safe (~> 0.1)
    warbler (2.0.5)
      jruby-jars (>= 9.0.0.0)
      jruby-rack (>= 1.1.1, < 1.3)
      rake (>= 10.1.0)
      rubyzip (~> 1.0, < 1.4)
    websocket (1.2.9)

PLATFORMS
  ruby

DEPENDENCIES
  ucb_rails_ci!
