GEM
  remote: https://rubygems.org/
  specs:
    builder (3.2.2)
    jruby-jars (1.7.17)
    jruby-rack (1.1.16)
    rake (10.4.2)
    rubyzip (1.1.6)
    warbler (1.4.4)
      jruby-jars (>= 1.5.6, < 2.0)
      jruby-rack (>= 1.0.0)
      rake (>= 0.9.6)
      rubyzip (>= 0.9, < 1.2)

PLATFORMS
  ruby

DEPENDENCIES
  builder
  bundler
  rake
  warbler
